GIT
  remote: git://github.com/apotonick/roar-rails.git
  revision: 851736e6cf2c4a930bc0b107cd43f750ac67f42b
  specs:
    roar-rails (0.0.3)
      actionpack (~> 3.0)
      railties (~> 3.0)
      roar (~> 0.9.2)
      test_xml

GIT
  remote: git://github.com/collectiveidea/delayed_job_active_record.git
  revision: 2ece2822a5a8b00a24b3a158eba5300d90f92c73
  specs:
    delayed_job_active_record (0.3.2)
      activerecord (> 2.1.0)
      delayed_job (~> 3.0.0)

GIT
  remote: git://github.com/edgarjs/ajaxful-rating.git
  revision: 81b563ef4e4f7937b769ea64b589d990dc833b43
  branch: rails3
  specs:
    ajaxful_rating (3.0.0.beta3)

GIT
  remote: git://github.com/guiocavalcanti/scribd_fu.git
  revision: 422926986f993bf4d72fcaa981dea221ecc86641
  branch: without-scape
  specs:
    scribd_fu (2.0.11)
      rscribd

GIT
  remote: git://github.com/ndbroadbent/actionmailer_inline_css.git
  revision: 037a5340aa235802c6c093a21be87b95176ee83e
  branch: master
  specs:
    actionmailer_inline_css (1.4.0)
      actionmailer (>= 3.0.0)
      nokogiri (>= 1.4.4)
      premailer (>= 1.7.1)

GIT
  remote: git://github.com/patmaddox/no-peeping-toms.git
  revision: b39544b58bba7c9258d60ddc7dead0ccb6c1aa83
  specs:
    no_peeping_toms (2.1.1)
      activerecord (>= 3.0.0)
      activesupport (>= 3.0.0)

GIT
  remote: git://github.com/rubyist/aasm.git
  revision: ec724d5a486469955a927db38c667f0604d8800f
  specs:
    aasm (3.0.3)
      activerecord

GIT
  remote: git@github.com:redu/invitable.git
  revision: 171dcdb33d0955357a0af7980d6882925958949c
  specs:
    invitable (0.0.5)
      rails (~> 3.0.10)

GIT
  remote: git@github.com:redu/vis_client.git
  revision: ef3bbcfb8c95c0b8040ca44521de4b866db42f97
  specs:
    vis_client (0.0.4)

GEM
  remote: http://rubygems.org/
  remote: http://gems.github.com/
  specs:
    POpen4 (0.1.4)
      Platform (>= 0.4.0)
      open4
    Platform (0.4.0)
    aaronh-chronic (0.3.9)
    abstract (1.0.0)
    actionmailer (3.0.10)
      actionpack (= 3.0.10)
      mail (~> 2.2.19)
    actionpack (3.0.10)
      activemodel (= 3.0.10)
      activesupport (= 3.0.10)
      builder (~> 2.1.2)
      erubis (~> 2.6.6)
      i18n (~> 0.5.0)
      rack (~> 1.2.1)
      rack-mount (~> 0.6.14)
      rack-test (~> 0.5.7)
      tzinfo (~> 0.3.23)
    active_enum (0.9.1)
    activemodel (3.0.10)
      activesupport (= 3.0.10)
      builder (~> 2.1.2)
      i18n (~> 0.5.0)
    activerecord (3.0.10)
      activemodel (= 3.0.10)
      activesupport (= 3.0.10)
      arel (~> 2.0.10)
      tzinfo (~> 0.3.23)
    activerecord-import (0.2.9)
      activerecord (~> 3.0)
      activerecord (~> 3.0)
    activeresource (3.0.10)
      activemodel (= 3.0.10)
      activesupport (= 3.0.10)
    activesupport (3.0.10)
    acts-as-taggable-on (2.0.6)
    acts_as_tree (0.1.1)
    addressable (2.2.6)
    ar_mailer_rails3 (2.1.12)
    arel (2.0.10)
    authlogic (3.0.2)
      activerecord (~> 3.0.7)
      activerecord (~> 3.0.7)
    awesome_nested_fields (0.5.3)
      rails (>= 3.0.0)
    aws-s3 (0.6.2)
      builder
      mime-types
      xml-simple
    aws-sdk (1.3.9)
      httparty (~> 0.7)
      json (~> 1.4)
      nokogiri (>= 1.4.4)
      uuidtools (~> 2.1)
    builder (2.1.2)
    cancan (1.6.7)
    childprocess (0.2.2)
      ffi (~> 1.0.6)
    ckeditor (3.4.2.pre)
      mime-types (>= 1.16)
    closure-compiler (1.1.1)
    cocaine (0.2.1)
    columnize (0.3.2)
    crack (0.1.8)
    css_parser (1.2.5)
      addressable
    daemons (1.1.8)
    date_validator (0.6.1)
      activemodel (~> 3.0.0)
    deep_cloneable (1.2.3)
    delayed_job (3.0.2)
      activesupport (~> 3.0)
    diff-lcs (1.1.3)
    dynamic_form (1.1.4)
    em-http-request (0.3.0)
      addressable (>= 2.0.0)
      escape_utils
      eventmachine (>= 0.12.9)
    erubis (2.6.6)
      abstract (>= 1.0.0)
    escape_utils (0.2.4)
    eventmachine (0.12.10)
    exceptional (2.0.32)
      rack
    factory_girl (2.2.0)
      activesupport
    factory_girl_rails (1.3.0)
      factory_girl (~> 2.2.0)
      railties (>= 3.0.0)
    faraday (0.7.6)
      addressable (~> 2.2)
      multipart-post (~> 1.1)
      rack (~> 1.1)
    ffi (1.0.9)
    hashie (1.2.0)
    htmlentities (4.3.0)
    httparty (0.8.1)
      multi_json
      multi_xml
    i18n (0.5.0)
    jammit (0.6.0)
      closure-compiler (>= 0.1.0)
      yui-compressor (>= 0.9.1)
    jammit-s3 (0.6.0.2)
      jammit (>= 0.5.4)
      mimemagic (>= 0.1.7)
      s3 (>= 0.3.7)
    jasmine (1.1.0)
      jasmine-core (>= 1.1.0)
      rack (>= 1.1)
      rspec (>= 1.3.1)
      selenium-webdriver (>= 0.1.3)
    jasmine-core (1.1.0)
    jquery-rails (1.0.5)
      railties (~> 3.0)
      thor (~> 0.14)
    json (1.6.6)
    json_pure (1.6.1)
    kaminari (0.12.4)
      rails (>= 3.0.0)
    linecache (0.43)
    mail (2.2.19)
      activesupport (>= 2.3.6)
      i18n (>= 0.4.0)
      mime-types (~> 1.16)
      treetop (~> 1.4.8)
    mime-types (1.18)
    mimemagic (0.1.8)
    multi_json (1.0.3)
    multi_xml (0.4.1)
    multipart-post (1.1.5)
    mysql2 (0.2.7)
    newrelic_rpm (3.0.1)
    nokogiri (1.5.0)
    oauth2 (0.5.2)
      faraday (~> 0.7)
      multi_json (~> 1.0)
    omniauth (1.0.2)
      hashie (~> 1.2)
      rack
    omniauth-facebook (1.2.0)
      omniauth-oauth2 (~> 1.0.0)
    omniauth-oauth2 (1.0.0)
      oauth2 (~> 0.5.0)
      omniauth (~> 1.0)
    open4 (1.0.1)
    pagseguro (0.1.12)
    paperclip (2.7.0)
      activerecord (>= 2.3.0)
      activesupport (>= 2.3.2)
      cocaine (>= 0.0.2)
      mime-types
    polyglot (0.3.2)
    premailer (1.7.3)
      css_parser (>= 1.1.9)
      htmlentities (>= 4.0.0)
    proxies (0.2.1)
    pusher (0.8.1)
      crack (~> 0.1.0)
      multi_json (~> 1.0)
      ruby-hmac (~> 0.4.0)
      signature (~> 0.1.2)
    rack (1.2.5)
    rack-mount (0.6.14)
      rack (>= 1.0.0)
    rack-test (0.5.7)
      rack (>= 1.0)
    rails (3.0.10)
      actionmailer (= 3.0.10)
      actionpack (= 3.0.10)
      activerecord (= 3.0.10)
      activeresource (= 3.0.10)
      activesupport (= 3.0.10)
      bundler (~> 1.0)
      railties (= 3.0.10)
    rails-footnotes (3.7.5.rc4)
      rails (>= 3.0.0)
    rails3-generators (0.17.4)
      railties (>= 3.0.0)
    railties (3.0.10)
      actionpack (= 3.0.10)
      activesupport (= 3.0.10)
      rake (>= 0.8.7)
      rdoc (~> 3.4)
      thor (~> 0.14.4)
    rake (0.8.7)
    rd_searchlogic (3.0.1)
      activerecord (>= 3.0.0)
    rdoc (3.12)
      json (~> 1.4)
    remotipart (0.3.4)
    representable (1.1.1)
      json
      nokogiri
    roar (0.9.2)
      representable (~> 1.1)
    rscribd (1.3.0)
      mime-types
    rspec (2.9.0)
      rspec-core (~> 2.9.0)
      rspec-expectations (~> 2.9.0)
      rspec-mocks (~> 2.9.0)
    rspec-core (2.9.0)
    rspec-expectations (2.9.1)
      diff-lcs (~> 1.1.3)
    rspec-mocks (2.9.0)
    rspec-rails (2.9.0)
      actionpack (>= 3.0)
      activesupport (>= 3.0)
      railties (>= 3.0)
      rspec (~> 2.9.0)
    ruby-debug (0.10.4)
      columnize (>= 0.1)
      ruby-debug-base (~> 0.10.4.0)
    ruby-debug-base (0.10.4)
      linecache (>= 0.3)
    ruby-hmac (0.4.0)
    rubyzip (0.9.4)
    s3 (0.3.8)
      proxies (~> 0.2.0)
    selenium-webdriver (2.7.0)
      childprocess (>= 0.2.1)
      ffi (>= 1.0.7)
      json_pure
      rubyzip
    shoulda-matchers (1.0.0.beta2)
    shuber-sortable (1.0.6)
    signature (0.1.2)
      ruby-hmac
    simple-navigation (3.5.0)
      activesupport (>= 2.3.2)
    test_xml (0.1.2)
      nokogiri (>= 1.3.2)
    thin (1.3.1)
      daemons (>= 1.0.9)
      eventmachine (>= 0.12.6)
      rack (>= 1.0.0)
    thor (0.14.6)
    translate_routes (3.0.3)
    treetop (1.4.10)
      polyglot
      polyglot (>= 0.3.1)
    tzinfo (0.3.33)
    uuidtools (2.1.2)
    whenever (0.6.7)
      aaronh-chronic (>= 0.3.9)
      activesupport (>= 2.3.4)
    will_paginate (3.0.pre2)
    xml-simple (1.0.15)
    yui-compressor (0.9.6)
      POpen4 (>= 0.1.4)
    zencoder (2.3.1)
      activesupport
      i18n

PLATFORMS
  ruby

DEPENDENCIES
  aasm!
  actionmailer_inline_css!
  active_enum
  activerecord-import
  acts-as-taggable-on
  acts_as_tree (~> 0.1.1)
  ajaxful_rating!
  ar_mailer_rails3
  authlogic
  awesome_nested_fields
  aws-s3
  aws-sdk
  bundler (~> 1.0.15)
  cancan (~> 1.6.7)
  ckeditor (= 3.4.2.pre)
  daemons
  date_validator
  deep_cloneable
  delayed_job_active_record!
  dynamic_form
  em-http-request
  eventmachine
  exceptional
  factory_girl_rails
  invitable!
  jammit-s3
  jasmine
  jquery-rails (>= 1.0.3)
  kaminari
  mime-types
  mysql2 (~> 0.2.1)
  newrelic_rpm (= 3.0.1)
  no_peeping_toms!
  omniauth
  omniauth-facebook
  pagseguro (~> 0.1.10)
  paperclip (~> 2.7)
  pusher
  rails (= 3.0.10)
  rails-footnotes (>= 3.7.5.rc4)
  rails3-generators
  rake (= 0.8.7)
  rd_searchlogic
  remotipart (>= 0.3.4)
  roar-rails (~> 0.0.3)!
  rspec-rails (~> 2.6)
  ruby-debug
  scribd_fu!
  shoulda-matchers
  shuber-sortable
  simple-navigation
  thin
  translate_routes
  vis_client!
  whenever
  will_paginate (~> 3.0.pre2)
  zencoder
