GIT
  remote: git://github.com/andi/simple-navigation.git
  revision: 79ea081ac772744362e925b8a0034bc6adf10c51
  specs:
    simple-navigation (3.9.0)
      activesupport (>= 2.3.2)

GIT
  remote: git://github.com/apotonick/roar-rails.git
  revision: 4f0a0856a80043aa68adc2dfef0989bf00498771
  specs:
    roar-rails (0.0.5)
      actionpack (~> 3.0)
      railties (~> 3.0)
      roar (~> 0.10.0)
      test_xml

GIT
  remote: git://github.com/edgarjs/ajaxful-rating.git
  revision: 81b563ef4e4f7937b769ea64b589d990dc833b43
  branch: rails3
  specs:
    ajaxful_rating (3.0.0.beta3)

GIT
  remote: git://github.com/fltiago/webmock
  revision: 7e34b7b727ee3b0f8f224f516476011d2a022199
  specs:
    webmock (1.9.0)
      addressable (>= 2.2.7)
      crack (>= 0.1.7)

GIT
  remote: git://github.com/guiocavalcanti/scribd_fu.git
  revision: 422926986f993bf4d72fcaa981dea221ecc86641
  branch: without-scape
  specs:
    scribd_fu (2.0.11)
      rscribd

GIT
  remote: git://github.com/julianalucena/content_for_in_controllers.git
  revision: d06b5e500e38011d3a3a85b0165a6203d135d67e
  specs:
    content_for_in_controllers (0.0.2)

GIT
  remote: git://github.com/meskyanichi/backup.git
  revision: bca9ab8b05cfaf65e78f069264ca78f5b4231799
  specs:
    backup (3.0.24)
      open4 (~> 1.3.0)
      thor (~> 0.14.6)

GIT
  remote: git://github.com/ndbroadbent/actionmailer_inline_css.git
  revision: 037a5340aa235802c6c093a21be87b95176ee83e
  branch: master
  specs:
    actionmailer_inline_css (1.4.0)
      actionmailer (>= 3.0.0)
      nokogiri (>= 1.4.4)
      premailer (>= 1.7.1)

GIT
  remote: git://github.com/patmaddox/no-peeping-toms.git
  revision: b39544b58bba7c9258d60ddc7dead0ccb6c1aa83
  specs:
    no_peeping_toms (2.1.1)
      activerecord (>= 3.0.0)
      activesupport (>= 3.0.0)

GIT
  remote: git://github.com/redu/untied-publisher
  revision: 1daf8146ddc5dd2b3c4d5cfa990c67dc60ad171f
  specs:
    untied-publisher (0.0.5)
      activerecord
      amqp
      configurable
      json
      representable

GIT
  remote: git@github.com:redu/invitable.git
  revision: 171dcdb33d0955357a0af7980d6882925958949c
  specs:
    invitable (0.0.5)
      rails (~> 3.0.10)

GIT
  remote: git@github.com:redu/vis_client.git
  revision: be54ea9998109eac8029cbf8e3d14bbefcc73637
  specs:
    vis_client (0.0.6)

GIT
  remote: https://github.com/apotonick/roar.git
  revision: 46fb88d1a79338188a9d05d353fc721d6a058e4e
  specs:
    roar (0.10.1)
      representable (>= 1.1.7)

GEM
  remote: http://rubygems.org/
  remote: http://gems.github.com/
  remote: http://reduadmin:pomp64bozos@the-shire.herokuapp.com/
  specs:
    POpen4 (0.1.4)
      Platform (>= 0.4.0)
      open4
    Platform (0.4.0)
    aasm (3.0.6)
      activerecord
    abstract (1.0.0)
    actionmailer (3.0.10)
      actionpack (= 3.0.10)
      mail (~> 2.2.19)
    actionpack (3.0.10)
      activemodel (= 3.0.10)
      activesupport (= 3.0.10)
      builder (~> 2.1.2)
      erubis (~> 2.6.6)
      i18n (~> 0.5.0)
      rack (~> 1.2.1)
      rack-mount (~> 0.6.14)
      rack-test (~> 0.5.7)
      tzinfo (~> 0.3.23)
    active_enum (0.9.1)
    activemodel (3.0.10)
      activesupport (= 3.0.10)
      builder (~> 2.1.2)
      i18n (~> 0.5.0)
    activerecord (3.0.10)
      activemodel (= 3.0.10)
      activesupport (= 3.0.10)
      arel (~> 2.0.10)
      tzinfo (~> 0.3.23)
    activerecord-import (0.2.9)
      activerecord (~> 3.0)
      activerecord (~> 3.0)
    activeresource (3.0.10)
      activemodel (= 3.0.10)
      activesupport (= 3.0.10)
    activesupport (3.0.10)
    acts-as-taggable-on (2.0.6)
    acts_as_tree (0.1.1)
    addressable (2.3.2)
    amq-client (0.9.8)
      amq-protocol (>= 0.9.4)
      eventmachine
    amq-protocol (0.9.5)
    amqp (0.9.8)
      amq-client (~> 0.9.5)
      amq-protocol (>= 0.9.4)
      eventmachine
    ar_mailer_rails3 (2.1.12)
    arel (2.0.10)
    authlogic (3.0.2)
      activerecord (~> 3.0.7)
      activerecord (~> 3.0.7)
    awesome_nested_fields (0.5.3)
      rails (>= 3.0.0)
    aws-s3 (0.6.2)
      builder
      mime-types
      xml-simple
    aws-sdk (1.3.9)
      httparty (~> 0.7)
      json (~> 1.4)
      nokogiri (>= 1.4.4)
      uuidtools (~> 2.1)
    bson (1.7.0)
    bson_ext (1.7.0)
      bson (~> 1.7.0)
    builder (2.1.2)
    cancan (1.6.7)
    childprocess (0.3.1)
    chronic (0.6.7)
    chunky_png (1.2.6)
    ckeditor (3.4.2.pre)
      mime-types (>= 1.16)
    closure-compiler (1.1.1)
    cocaine (0.2.1)
    columnize (0.3.2)
    compass (0.12.2)
      chunky_png (~> 1.2)
      fssm (>= 0.2.7)
      sass (~> 3.1)
    compass-rails (1.0.3)
      compass (>= 0.12.2, < 0.14)
    config_parser (0.5.5)
    configurable (1.0.0)
      config_parser (~> 0.5.4)
      lazydoc (~> 1.0)
    cookiejar (0.3.0)
    crack (0.1.8)
    css_parser (1.2.5)
      addressable
    daemons (1.1.8)
    date_validator (0.6.1)
      activemodel (~> 3.0.0)
    deep_cloneable (1.2.3)
    delayed_job (3.0.4)
      activesupport (~> 3.0)
    delayed_job_mongoid (1.1.0)
      delayed_job (~> 3.0)
      mongo (~> 1.6)
      mongoid (>= 2.0)
    destroy_soon (0.0.2)
      activerecord (~> 3.0.10)
      activesupport (~> 3.0.10)
      rake
    diff-lcs (1.1.3)
    dynamic_form (1.1.4)
    em-http-request (1.0.3)
      addressable (>= 2.2.3)
      cookiejar
      em-socksify
      eventmachine (>= 1.0.0.beta.4)
      http_parser.rb (>= 0.5.3)
    em-socksify (0.2.1)
      eventmachine (>= 1.0.0.beta.4)
    erubis (2.6.6)
      abstract (>= 1.0.0)
    eventmachine (1.0.0)
    exceptional (2.0.32)
      rack
    excon (0.9.6)
    factory_girl (2.6.4)
      activesupport (>= 2.3.9)
    factory_girl_rails (1.7.0)
      factory_girl (~> 2.6.0)
      railties (>= 3.0.0)
    faraday (0.8.4)
      multipart-post (~> 1.1)
    ffi (1.0.11)
    fog (1.1.2)
      builder
      excon (~> 0.9.0)
      formatador (~> 0.2.0)
      mime-types
      multi_json (~> 1.0.3)
      net-scp (~> 1.0.4)
      net-ssh (>= 2.1.3)
      nokogiri (~> 1.5.0)
      ruby-hmac
    formatador (0.2.3)
    fssm (0.2.9)
    hashie (1.2.0)
    htmlentities (4.3.0)
    http_parser.rb (0.5.3)
    httparty (0.8.1)
      multi_json
      multi_xml
    humanizer (2.4.4)
    i18n (0.5.0)
    jammit (0.6.0)
      closure-compiler (>= 0.1.0)
      yui-compressor (>= 0.9.1)
    jammit-s3 (0.6.0.2)
      jammit (>= 0.5.4)
      mimemagic (>= 0.1.7)
      s3 (>= 0.3.7)
    jasmine (1.1.2)
      jasmine-core (>= 1.1.0)
      rack (>= 1.1)
      rspec (>= 1.3.1)
      selenium-webdriver (>= 0.1.3)
    jasmine-core (1.1.0)
    jquery-rails (1.0.19)
      railties (~> 3.0)
      thor (~> 0.14)
    json (1.7.5)
    kaminari (0.13.0)
      actionpack (>= 3.0.0)
      activesupport (>= 3.0.0)
      railties (>= 3.0.0)
    lazy_high_charts (1.2.2)
      bundler (~> 1.0)
    lazydoc (1.0)
    linecache (0.43)
    mail (2.2.19)
      activesupport (>= 2.3.6)
      i18n (>= 0.4.0)
      mime-types (~> 1.16)
      treetop (~> 1.4.8)
    mime-types (1.18)
    mimemagic (0.1.8)
    mongo (1.7.0)
      bson (~> 1.7.0)
    mongoid (2.2.6)
      activemodel (~> 3.0.0)
      mongo (~> 1.3)
      tzinfo (~> 0.3.22)
    multi_json (1.0.4)
    multi_xml (0.5.1)
    multipart-post (1.1.5)
    mysql2 (0.2.7)
    net-scp (1.0.4)
      net-ssh (>= 1.99.1)
    net-ssh (2.5.2)
    newrelic_rpm (3.0.1)
    nokogiri (1.5.5)
    oauth (0.4.5)
    oauth-plugin (0.4.0)
      multi_json
      oauth (~> 0.4.4)
      oauth2 (>= 0.5.0)
      rack
    oauth2 (0.5.2)
      faraday (~> 0.7)
      multi_json (~> 1.0)
    omniauth (1.0.3)
      hashie (~> 1.2)
      rack
    omniauth-facebook (1.2.0)
      omniauth-oauth2 (~> 1.0.0)
    omniauth-oauth2 (1.0.0)
      oauth2 (~> 0.5.0)
      omniauth (~> 1.0)
    open4 (1.3.0)
    pagseguro (0.1.12)
    paperclip (2.7.0)
      activerecord (>= 2.3.0)
      activesupport (>= 2.3.2)
      cocaine (>= 0.0.2)
      mime-types
    polyglot (0.3.3)
    premailer (1.7.3)
      css_parser (>= 1.1.9)
      htmlentities (>= 4.0.0)
    proxies (0.2.1)
    pusher (0.8.1)
      crack (~> 0.1.0)
      multi_json (~> 1.0)
      ruby-hmac (~> 0.4.0)
      signature (~> 0.1.2)
    rack (1.2.5)
    rack-cors (0.2.6)
      rack
    rack-mount (0.6.14)
      rack (>= 1.0.0)
    rack-test (0.5.7)
      rack (>= 1.0)
    rails (3.0.10)
      actionmailer (= 3.0.10)
      actionpack (= 3.0.10)
      activerecord (= 3.0.10)
      activeresource (= 3.0.10)
      activesupport (= 3.0.10)
      bundler (~> 1.0)
      railties (= 3.0.10)
    rails3-generators (0.17.4)
      railties (>= 3.0.0)
    railties (3.0.10)
      actionpack (= 3.0.10)
      activesupport (= 3.0.10)
      rake (>= 0.8.7)
      rdoc (~> 3.4)
      thor (~> 0.14.4)
    rake (0.8.7)
    rd_searchlogic (3.0.1)
      activerecord (>= 3.0.0)
    rdoc (3.12)
      json (~> 1.4)
    redu_analytics (0.0.2)
      lazy_high_charts
    remotipart (1.0.2)
    representable (1.2.8)
      json
      nokogiri
    rscribd (1.3.0)
      mime-types
    rspec (2.9.0)
      rspec-core (~> 2.9.0)
      rspec-expectations (~> 2.9.0)
      rspec-mocks (~> 2.9.0)
    rspec-core (2.9.0)
    rspec-expectations (2.9.1)
      diff-lcs (~> 1.1.3)
    rspec-mocks (2.9.0)
    rspec-rails (2.9.0)
      actionpack (>= 3.0)
      activesupport (>= 3.0)
      railties (>= 3.0)
      rspec (~> 2.9.0)
    ruby-debug (0.10.4)
      columnize (>= 0.1)
      ruby-debug-base (~> 0.10.4.0)
    ruby-debug-base (0.10.4)
      linecache (>= 0.3)
    ruby-hmac (0.4.0)
    ruby-prof (0.11.2)
    rubyzip (0.9.6.1)
    s3 (0.3.8)
      proxies (~> 0.2.0)
    sass (3.2.1)
    selenium-webdriver (2.20.0)
      childprocess (>= 0.2.5)
      ffi (~> 1.0)
      multi_json (~> 1.0)
      rubyzip
    shoulda-matchers (1.0.0.beta2)
    shuber-sortable (1.0.6)
    signature (0.1.2)
      ruby-hmac
    system_timer (1.2.4)
    test_xml (0.1.2)
      nokogiri (>= 1.3.2)
    thor (0.14.6)
    translate_routes (3.0.3)
    treetop (1.4.10)
      polyglot
      polyglot (>= 0.3.1)
    tzinfo (0.3.35)
    useragent (0.4.8)
    uuidtools (2.1.2)
    whenever (0.7.3)
      activesupport (>= 2.3.4)
      chronic (~> 0.6.3)
    will_paginate (3.0.pre2)
    xml-simple (1.0.15)
    yui-compressor (0.9.6)
      POpen4 (>= 0.1.4)
    zencoder (2.3.1)
      activesupport
      i18n

PLATFORMS
  ruby

DEPENDENCIES
  aasm
  actionmailer_inline_css!
  active_enum
  activerecord-import
  acts-as-taggable-on
  acts_as_tree (~> 0.1.1)
  ajaxful_rating!
  ar_mailer_rails3
  authlogic
  awesome_nested_fields
  aws-s3
  aws-sdk
  backup!
  bson_ext
  bundler (~> 1.2)
  cancan (~> 1.6.7)
  ckeditor (= 3.4.2.pre)
  compass-rails
  content_for_in_controllers!
  daemons
  date_validator
  deep_cloneable
  delayed_job_mongoid
  destroy_soon
  dynamic_form
  em-http-request
  eventmachine
  exceptional
  factory_girl_rails (~> 1.7.0)
  fog (~> 1.1.0)
  humanizer
  invitable!
  jammit-s3
  jasmine
  jquery-rails (>= 1.0.12)
  kaminari
  mime-types
  mongoid (~> 2.2.6)
  mysql2 (~> 0.2.1)
  newrelic_rpm (= 3.0.1)
  no_peeping_toms!
  oauth-plugin (~> 0.4.0)
  omniauth
  omniauth-facebook
  pagseguro (~> 0.1.10)
  paperclip (~> 2.7)
  pusher
  rack-cors
  rails (= 3.0.10)
  rails3-generators
  rake (= 0.8.7)
  rd_searchlogic
  redu_analytics
  remotipart (~> 1.0)
  roar!
  roar-rails (~> 0.0.3)!
  rspec-rails (~> 2.8)
  ruby-debug
  ruby-prof
  scribd_fu!
  shoulda-matchers
  shuber-sortable
  simple-navigation!
  system_timer
  translate_routes
  untied-publisher!
  useragent (~> 0.4.8)
  vis_client!
  webmock!
  whenever
  will_paginate (~> 3.0.pre2)
  zencoder
